PATH
  remote: .
  specs:
    validator (0.1.0)

GEM
  remote: https://rubygems.org/
  specs:
    coderay (1.1.2)
    method_source (0.9.2)
    pry (0.11.3)
      coderay (~> 1.1.0)
      method_source (~> 0.9.0)
    rake (12.3.3)

PLATFORMS
  ruby

DEPENDENCIES
  pry (~> 0.11.3)
  rake (~> 12.0)
  validator!

BUNDLED WITH
   2.1.4
